GIT
  remote: https://github.com/acquia/aws-sdk-ruby.git
  revision: 8056c0e5a7c38c8a897663151860da668d9bcd5e
  branch: version-1-forward-compatibility
  specs:
    aws-sdk-v1 (1.67.0)
      bigdecimal (> 2)
      json (> 1.4)
      nokogiri (> 1)
      rexml

PATH
  remote: .
  specs:
    aws-flow (3.1.0)
      aws-sdk-v1
      bugsnag
      json (~> 2.6.3)
      json_pure (~> 2.6.3)
      lru_redux (~> 0, >= 0.8.1)
      nokogiri

GEM
  remote: http://www.rubygems.org/
  specs:
    activesupport (7.1.2)
      base64
      bigdecimal
      concurrent-ruby (~> 1.0, >= 1.0.2)
      connection_pool (>= 2.2.5)
      drb
      i18n (>= 1.6, < 2)
      minitest (>= 5.1)
      mutex_m
      tzinfo (~> 2.0)
    base64 (0.2.0)
    bigdecimal (3.1.4)
    bugsnag (6.26.0)
      concurrent-ruby (~> 1.0)
    coderay (1.1.3)
    concurrent-ruby (1.2.2)
    connection_pool (2.4.1)
    diff-lcs (1.5.0)
    drb (2.2.0)
      ruby2_keywords
    factory_girl (4.9.0)
      activesupport (>= 3.0.0)
    i18n (1.14.1)
      concurrent-ruby (~> 1.0)
    json (2.6.3)
    json_pure (2.6.3)
    lru_redux (0.8.4)
    method_source (1.0.0)
    minitest (5.20.0)
    mutex_m (0.2.0)
    nokogiri (1.15.5-x86_64-linux)
      racc (~> 1.4)
    pry (0.14.2)
      coderay (~> 1.1)
      method_source (~> 1.0)
    racc (1.7.3)
    rake (10.5.0)
    rexml (3.2.6)
    rspec (2.14.0)
      rspec-core (~> 2.14.0)
      rspec-expectations (~> 2.14.0)
      rspec-mocks (~> 2.14.0)
    rspec-core (2.14.8)
    rspec-expectations (2.14.5)
      diff-lcs (>= 1.1.3, < 2.0)
    rspec-mocks (2.14.6)
    ruby2_keywords (0.0.5)
    tzinfo (2.0.6)
      concurrent-ruby (~> 1.0)

PLATFORMS
  x86_64-linux

DEPENDENCIES
  aws-flow!
  aws-sdk-v1!
  factory_girl
  pry
  rake (< 11.0)
  rspec (= 2.14)

BUNDLED WITH
   2.4.19
